PATH
  remote: .
  specs:
    side_do (0.0.1)
      activerecord
      gli (= 2.9.0)
      mysql2

GEM
  remote: https://rubygems.org/
  specs:
    activemodel (3.2.13)
      activesupport (= 3.2.13)
      builder (~> 3.0.0)
    activerecord (3.2.13)
      activemodel (= 3.2.13)
      activesupport (= 3.2.13)
      arel (~> 3.0.2)
      tzinfo (~> 0.3.29)
    activesupport (3.2.13)
      i18n (= 0.6.1)
      multi_json (~> 1.0)
    arel (3.0.3)
    aruba (0.5.4)
      childprocess (>= 0.3.6)
      cucumber (>= 1.1.1)
      rspec-expectations (>= 2.7.0)
    builder (3.0.4)
    childprocess (0.3.9)
      ffi (~> 1.0, >= 1.0.11)
    cucumber (1.3.14)
      builder (>= 2.1.2)
      diff-lcs (>= 1.1.3)
      gherkin (~> 2.12)
      multi_json (>= 1.7.5, < 2.0)
      multi_test (>= 0.1.1)
    diff-lcs (1.2.5)
    ffi (1.9.3)
    gherkin (2.12.2)
      multi_json (~> 1.3)
    gli (2.9.0)
    i18n (0.6.1)
    json (1.8.1)
    multi_json (1.9.2)
    multi_test (0.1.1)
    mysql2 (0.3.14)
    rake (10.2.2)
    rdoc (3.12.2)
      json (~> 1.4)
    rspec-expectations (2.14.4)
      diff-lcs (>= 1.1.3, < 2.0)
    tzinfo (0.3.39)

PLATFORMS
  ruby

DEPENDENCIES
  aruba
  rake
  rdoc
  side_do!
